{
  "aor": 0.00046285000000000006,
  "aqi": 0.004370388750000001,
  "bids_meta": {
    "AcquisitionMatrixPE": 64,
    "AcquisitionNumber": 1,
    "AcquisitionTime": "16:34:34.400000",
    "BandwidthPerPixelPhaseEncode": 30.637,
    "BaseResolution": 64,
    "CoilString": "t:HEA;HEP",
    "ConversionSoftware": "dcm2niix",
    "ConversionSoftwareVersion": "v1.0.20190410  GCC4.8.2",
    "DelayTime": 1.2,
    "DerivedVendorReportedEchoSpacing": 0.000510004,
    "DeviceSerialNumber": "40720",
    "DwellTime": 3.5e-06,
    "EchoTime": 0.05,
    "EffectiveEchoSpacing": 0.000510004,
    "FlipAngle": 90,
    "ImageOrientationPatientDICOM": [
      0.999651,
      0.00349064,
      0.0261768,
      -0.00348945,
      0.999994,
      -9.13743e-05
    ],
    "ImageType": [
      "ORIGINAL",
      "PRIMARY",
      "FMRI",
      "NONE",
      "ND",
      "MOSAIC"
    ],
    "ImagingFrequency": 123.188,
    "InPlanePhaseEncodingDirectionDICOM": "COL",
    "InstitutionAddress": "Maraweg_21_Bielefeld_District_DE_33617",
    "InstitutionName": "EVKB_Mara_1",
    "InstitutionalDepartmentName": "Department",
    "MRAcquisitionType": "2D",
    "MagneticFieldStrength": 3,
    "Manufacturer": "Siemens",
    "ManufacturersModelName": "Verio",
    "Modality": "MR",
    "PartialFourier": 1,
    "PatientPosition": "HFS",
    "PercentPhaseFOV": 100,
    "PhaseEncodingDirection": "j-",
    "PhaseEncodingSteps": 64,
    "PhaseResolution": 1,
    "PixelBandwidth": 2232,
    "ProcedureStepDescription": "Mara_12CH_fMRT",
    "ProtocolName": "ep2d_bold_moco_5mm_Sprache_(pace)",
    "PulseSequenceDetails": "%SiemensSeq%_ep2d_pace",
    "ReceiveCoilName": "HeadMatrix",
    "ReconMatrixPE": 64,
    "RepetitionTime": 3,
    "SAR": 0.0330235,
    "ScanOptions": "FS",
    "ScanningSequence": "EP",
    "SequenceName": "_epfid2d1_64",
    "SequenceVariant": "SK",
    "SeriesDescription": "ep2d_bold_moco_5mm_Sprache_(pace)",
    "SeriesNumber": 6,
    "ShimSetting": [
      7400,
      11362,
      -12012,
      138,
      -140,
      460,
      385,
      -228
    ],
    "SliceThickness": 5,
    "SliceTiming": [
      0,
      0.935,
      0.085,
      1.02,
      0.17,
      1.105,
      0.255,
      1.19,
      0.34,
      1.275,
      0.425,
      1.36,
      0.51,
      1.445,
      0.595,
      1.53,
      0.68,
      1.615,
      0.765,
      1.7,
      0.85
    ],
    "SoftwareVersions": "syngo_MR_B19",
    "SpacingBetweenSlices": 5,
    "StationName": "MRC40720",
    "TaskName": "language production task, semantic fluency",
    "TotalReadoutTime": 0.0321303,
    "TxRefAmp": 400.793,
    "dataset": "ds002014",
    "modality": "bold",
    "run_id": 1,
    "subject_id": "01",
    "task_id": "languageproduction"
  },
  "dummy_trs": 0,
  "dvars_nstd": 24.26601451120603,
  "dvars_std": 1.162868066984925,
  "dvars_vstd": 0.9768993320603017,
  "efc": 0.5685216493127578,
  "fber": 712.8590087890625,
  "fd_mean": 0.1680850531413763,
  "fd_num": 51,
  "fd_perc": 25.5,
  "fwhm_avg": 1.6632284444444443,
  "fwhm_x": 1.7201533333333332,
  "fwhm_y": 1.90972,
  "fwhm_z": 1.359812,
  "gcor": 0.0333994,
  "gsr_x": -0.015712935477495193,
  "gsr_y": 0.04384586587548256,
  "provenance": {
    "md5sum": "b555e03d44b6af916fa405d60871e3da",
    "settings": {
      "fd_thres": 0.2,
      "testing": false
    },
    "software": "mriqc",
    "version": "22.0.1",
    "webapi_port": null,
    "webapi_url": "https://mriqc.nimh.nih.gov/api/v1"
  },
  "size_t": 200,
  "size_x": 64,
  "size_y": 64,
  "size_z": 21,
  "snr": 4.57911570691885,
  "spacing_tr": 3.0,
  "spacing_x": 3.0,
  "spacing_y": 3.0,
  "spacing_z": 5.0,
  "summary_bg_k": 117.63021893622738,
  "summary_bg_mad": 9.34780744013211,
  "summary_bg_mean": 45.42473220825195,
  "summary_bg_median": 27.0049991607666,
  "summary_bg_n": 43428.0,
  "summary_bg_p05": 20.119998931884766,
  "summary_bg_p95": 127.7814952850342,
  "summary_bg_stdv": 57.89407730102539,
  "summary_fg_k": 1.975349437636397,
  "summary_fg_mad": 139.46840155372493,
  "summary_fg_mean": 763.100341796875,
  "summary_fg_median": 749.2149658203125,
  "summary_fg_n": 17587.0,
  "summary_fg_p05": 529.5004821777344,
  "summary_fg_p95": 1050.296960449219,
  "summary_fg_stdv": 163.61099243164062,
  "tsnr": 66.13851391011849
}