{
  "bids_meta": {
    "AcquisitionMatrixPE": 320,
    "AcquisitionNumber": 1,
    "AcquisitionTime": "16:23:42.600000",
    "ConversionSoftware": "dcm2niix",
    "ConversionSoftwareVersion": "v1.0.20190410  GCC4.8.2",
    "DeviceSerialNumber": "40720",
    "EchoTime": 0.0025,
    "FlipAngle": 9,
    "ImageOrientationPatientDICOM": [
      0.998291,
      0.0584448,
      0.000264799,
      -0.0340637,
      0.58551,
      -0.809949
    ],
    "ImageType": [
      "DERIVED",
      "SECONDARY",
      "MPR",
      "CSA",
      "MPR",
      "CSAPARALLEL",
      "M",
      "ND",
      "NORM"
    ],
    "ImagingFrequency": 123.188,
    "InPlanePhaseEncodingDirectionDICOM": "ROW",
    "InstitutionAddress": "Maraweg_21_Bielefeld_District_DE_33617",
    "InstitutionName": "EVKB_Mara_1",
    "InstitutionalDepartmentName": "Department",
    "InversionTime": 0.9,
    "MRAcquisitionType": "3D",
    "MagneticFieldStrength": 3,
    "Manufacturer": "Siemens",
    "ManufacturersModelName": "Verio",
    "Modality": "MR",
    "PatientPosition": "HFS",
    "PercentPhaseFOV": 100,
    "PhaseEncodingSteps": 349,
    "PixelBandwidth": 180,
    "ProtocolName": "t1_mpr_sag_p2_iso0_9_320_:-)",
    "RawImage": true,
    "ReconMatrixPE": 320,
    "RepetitionTime": 1.9,
    "SAR": 0.0566637,
    "ScanOptions": "IR_PFP",
    "ScanningSequence": "GR_IR",
    "SequenceName": "_tfl3d1_ns",
    "SequenceVariant": "SP_MP_OSP",
    "SeriesDescription": "<MPR-Modus_Serie[1]>",
    "SeriesNumber": 13,
    "SliceThickness": 0.8,
    "SoftwareVersions": "syngo_MR_B19",
    "StationName": "MRC40720",
    "dataset": "ds002014",
    "modality": "T1w",
    "subject_id": "01"
  },
  "cjv": 0.3403063617239685,
  "cnr": 4.018348940967281,
  "efc": 0.7351851010855724,
  "fber": 10651.663495838287,
  "fwhm_avg": 5.458603028917929,
  "fwhm_x": 5.539893333333333,
  "fwhm_y": 5.362862420087122,
  "fwhm_z": 5.4730533333333335,
  "icvs_csf": 0.21331186806404084,
  "icvs_gm": 0.42232404772417725,
  "icvs_wm": 0.3643640842117819,
  "inu_med": 0.4298833906650543,
  "inu_range": 0.17671256214380265,
  "provenance": {
    "md5sum": "bb64989234e38763c0d7806f4d283cae",
    "settings": {
      "testing": false
    },
    "software": "mriqc",
    "version": "22.0.1",
    "warnings": {
      "large_rot_frame": true,
      "small_air_mask": false
    },
    "webapi_port": null,
    "webapi_url": "https://mriqc.nimh.nih.gov/api/v1"
  },
  "qi_1": 0.0,
  "qi_2": 0.003008903135360282,
  "rpve_csf": 18.52229392852808,
  "rpve_gm": 9.771982058754423,
  "rpve_wm": 13.029916473222649,
  "size_x": 320,
  "size_y": 194,
  "size_z": 320,
  "snr_csf": 3.2014661557917887,
  "snr_gm": 16.3184984897756,
  "snr_total": 15.14082029751534,
  "snr_wm": 25.902496246978632,
  "snrd_csf": 25.62961078713983,
  "snrd_gm": 57.59877932746409,
  "snrd_total": 53.160983714275915,
  "snrd_wm": 76.25456102822383,
  "spacing_x": 0.75,
  "spacing_y": 0.800000011920929,
  "spacing_z": 0.75,
  "summary_bg_k": 6.105257319345226,
  "summary_bg_mad": 0.0,
  "summary_bg_mean": 5.319648688909213,
  "summary_bg_median": 0.0,
  "summary_bg_n": 1722889.0,
  "summary_bg_p05": 0.0,
  "summary_bg_p95": 24.20956827700138,
  "summary_bg_stdv": 8.591794537090392,
  "summary_csf_k": 1.4584282557360444,
  "summary_csf_mad": 79.63986531322313,
  "summary_csf_mean": 333.6886564008105,
  "summary_csf_median": 336.11985221505165,
  "summary_csf_n": 118756.0,
  "summary_csf_p05": 117.10602706298232,
  "summary_csf_p95": 500.9104520082474,
  "summary_csf_stdv": 104.98890842060572,
  "summary_gm_k": 0.2356319128099802,
  "summary_gm_mad": 45.46466887295711,
  "summary_gm_mean": 754.6580245935713,
  "summary_gm_median": 755.3799141198397,
  "summary_gm_n": 115176.0,
  "summary_gm_p05": 677.8989496640861,
  "summary_gm_p95": 828.8776803761721,
  "summary_gm_stdv": 46.289591860683416,
  "summary_wm_k": 0.19775185847779841,
  "summary_wm_mad": 37.79519031813979,
  "summary_wm_mean": 1000.7984417201486,
  "summary_wm_median": 1000.0413972884417,
  "summary_wm_n": 562609.0,
  "summary_wm_p05": 938.6277232319117,
  "summary_wm_p95": 1065.5106913298368,
  "summary_wm_stdv": 38.60788161107174,
  "tpm_overlap_csf": 0.15409886680051488,
  "tpm_overlap_gm": 0.4619532508553409,
  "tpm_overlap_wm": 0.519906058990125,
  "wm2max": 0.47689059046416166
}